GEM
  remote: https://rubygems.org/
  specs:
    activemodel (6.1.7.1)
      activesupport (= 6.1.7.1)
    activerecord (6.1.7.1)
      activemodel (= 6.1.7.1)
      activesupport (= 6.1.7.1)
    activesupport (6.1.7.1)
      concurrent-ruby (~> 1.0, >= 1.0.2)
      i18n (>= 1.6, < 2)
      minitest (>= 5.1)
      tzinfo (~> 2.0)
      zeitwerk (~> 2.3)
    addressable (2.7.0)
      public_suffix (>= 2.0.2, < 5.0)
    backports (3.15.0)
    concurrent-ruby (1.1.10)
    crack (0.4.3)
      safe_yaml (~> 1.0.0)
    database_cleaner (1.7.0)
    diff-lcs (1.3)
    dotenv (2.7.5)
    factory_bot (5.0.2)
      activesupport (>= 4.2.0)
    faker (2.4.0)
      i18n (~> 1.6.0)
    hashdiff (1.0.0)
    i18n (1.6.0)
      concurrent-ruby (~> 1.0)
    minitest (5.17.0)
    multi_json (1.13.1)
    mustermann (1.0.3)
    pg (1.1.4)
    public_suffix (4.0.1)
    rack (2.1.4)
    rack-contrib (2.1.0)
      rack (~> 2.0)
    rack-parser (0.7.0)
      rack
    rack-protection (2.0.7)
      rack
    rack-test (1.1.0)
      rack (>= 1.0, < 3)
    rake (12.3.3)
    rspec (3.8.0)
      rspec-core (~> 3.8.0)
      rspec-expectations (~> 3.8.0)
      rspec-mocks (~> 3.8.0)
    rspec-core (3.8.2)
      rspec-support (~> 3.8.0)
    rspec-expectations (3.8.4)
      diff-lcs (>= 1.2.0, < 2.0)
      rspec-support (~> 3.8.0)
    rspec-mocks (3.8.1)
      diff-lcs (>= 1.2.0, < 2.0)
      rspec-support (~> 3.8.0)
    rspec-support (3.8.2)
    safe_yaml (1.0.5)
    sinatra (2.0.7)
      mustermann (~> 1.0)
      rack (~> 2.0)
      rack-protection (= 2.0.7)
      tilt (~> 2.0)
    sinatra-activerecord (2.0.14)
      activerecord (>= 3.2)
      sinatra (>= 1.0)
    sinatra-contrib (2.0.7)
      backports (>= 2.8.2)
      multi_json
      mustermann (~> 1.0)
      rack-protection (= 2.0.7)
      sinatra (= 2.0.7)
      tilt (~> 2.0)
    tilt (2.0.9)
    tzinfo (2.0.5)
      concurrent-ruby (~> 1.0)
    vcr (5.0.0)
    webmock (3.7.5)
      addressable (>= 2.3.6)
      crack (>= 0.3.2)
      hashdiff (>= 0.4.0, < 2.0.0)
    zeitwerk (2.6.6)

PLATFORMS
  ruby

DEPENDENCIES
  database_cleaner
  dotenv
  factory_bot
  faker
  pg
  rack
  rack-contrib
  rack-parser
  rack-test
  rake
  rspec
  sinatra
  sinatra-activerecord
  sinatra-contrib
  vcr
  webmock

RUBY VERSION
   ruby 2.6.3p62

BUNDLED WITH
   2.0.2
